GEM
  remote: https://rubygems.org/
  specs:
    byebug (9.1.0)
    sqlite3 (1.3.13)

PLATFORMS
  ruby

DEPENDENCIES
  byebug
  sqlite3

BUNDLED WITH
   1.16.0
